PATH
  remote: .
  specs:
    fast_jsonparser (0.5.0)

GEM
  remote: https://rubygems.org/
  specs:
    minitest (5.14.4)
    oj (3.11.7)
    rake (13.0.3)
    rake-compiler (1.1.1)
      rake
    yajl-ruby (1.4.2)

PLATFORMS
  x86_64-linux

DEPENDENCIES
  bundler (~> 2.0)
  fast_jsonparser!
  minitest (~> 5.0)
  oj
  rake (~> 13.0)
  rake-compiler
  yajl-ruby

BUNDLED WITH
   2.2.3
